GIT
  remote: git@github.com:bengler/bengler_test_helper.git
  revision: e7c857bfcb5c983390c7736d064824c7fc82b272
  specs:
    bengler_test_helper (0.0.4)

GEM
  remote: https://rubygems.org/
  specs:
    activemodel (3.2.12)
      activesupport (= 3.2.12)
      builder (~> 3.0.0)
    activerecord (3.2.12)
      activemodel (= 3.2.12)
      activesupport (= 3.2.12)
      arel (~> 3.0.2)
      tzinfo (~> 0.3.29)
    activesupport (3.2.12)
      i18n (~> 0.6)
      multi_json (~> 1.0)
    addressable (2.2.7)
    airbrake (3.1.4)
      builder
      girl_friday
    arel (3.0.2)
    bcrypt-ruby (3.0.1)
    builder (3.0.4)
    connection_pool (0.9.2)
    crack (0.3.1)
    curb (0.8.0)
    daemons (1.1.8)
    deepstruct (0.0.2)
    diff-lcs (1.1.3)
    eventmachine (0.12.10)
    excon (0.12.0)
    futurevalue (0.0.2)
    girl_friday (0.10.0)
      connection_pool (~> 0.9.0)
    i18n (0.6.1)
    kgio (2.7.4)
    mime-types (1.18)
    multi_json (1.5.1)
    nokogiri (1.5.4)
    norwegian_phone (0.0.10)
    pathbuilder (0.0.2)
    pebblebed (0.0.18)
      activesupport
      curb (>= 0.7.14)
      deepstruct (>= 0.0.2)
      futurevalue
      i18n
      nokogiri
      pathbuilder
      queryparams
      yajl-ruby
    petroglyph (0.0.3)
      tilt
    pg (0.13.2)
    queryparams (0.0.3)
    rack (1.5.2)
    rack-contrib (1.1.0)
      rack (>= 0.9.1)
    rack-protection (1.3.2)
      rack
    rack-test (0.6.1)
      rack (>= 1.0)
    raindrops (0.9.0)
    rake (0.9.2.2)
    rest-client (1.6.7)
      mime-types (>= 1.16)
    rspec (2.9.0)
      rspec-core (~> 2.9.0)
      rspec-expectations (~> 2.9.0)
      rspec-mocks (~> 2.9.0)
    rspec-core (2.9.0)
    rspec-expectations (2.9.0)
      diff-lcs (~> 1.1.3)
    rspec-mocks (2.9.0)
    simplecov (0.6.1)
      multi_json (~> 1.0)
      simplecov-html (~> 0.5.3)
    simplecov-html (0.5.3)
    sinatra (1.3.4)
      rack (~> 1.4)
      rack-protection (~> 1.3)
      tilt (~> 1.3, >= 1.3.3)
    sinatra-activerecord (1.2.2)
      activerecord (~> 3.0)
      sinatra (~> 1.0)
    thin (1.3.1)
      daemons (>= 1.0.9)
      eventmachine (>= 0.12.6)
      rack (>= 1.0.0)
    thor (0.14.6)
    tilt (1.3.3)
    tzinfo (0.3.35)
    unicorn (4.3.1)
      kgio (~> 2.6)
      rack
      raindrops (~> 0.7)
    webmock (1.8.3)
      addressable (>= 2.2.7)
      crack (>= 0.1.7)
    yajl-ruby (1.1.0)

PLATFORMS
  ruby

DEPENDENCIES
  activerecord (~> 3.2.12)
  airbrake (~> 3.1.4)
  bcrypt-ruby
  bengler_test_helper!
  excon (~> 0.12.0)
  nokogiri (~> 1.5.2)
  norwegian_phone (~> 0.0.10)
  pebblebed
  petroglyph (~> 0.0.2)
  pg (~> 0.13.2)
  rack (~> 1.4)
  rack-contrib (~> 1.1.0)
  rack-test
  rake
  rest-client (~> 1.6)
  rspec (~> 2.8)
  simplecov
  sinatra (~> 1.3.4)
  sinatra-activerecord (~> 1.2.2)
  thin
  thor
  unicorn (~> 4.3.0)
  webmock
  yajl-ruby (~> 1.1.0)
